GEM
  remote: https://rubygems.org/
  specs:
    daemons (1.2.6)
    eventmachine (1.2.7)
    json (2.1.0)
    mustermann (2.0.2)
      ruby2_keywords (~> 0.0.1)
    nio4r (2.5.8)
    puma (5.4.0)
      nio4r (~> 2.0)
    puma-daemon (0.1.2)
      puma (>= 5.0)
      rack
    rack (2.2.4)
    rack-protection (2.2.3)
      rack
    redcarpet (3.4.0)
    ruby2_keywords (0.0.5)
    sinatra (2.2.3)
      mustermann (~> 2.0)
      rack (~> 2.2)
      rack-protection (= 2.2.3)
      tilt (~> 2.0)
    sinatra-partial (1.0.1)
      sinatra (>= 1.4)
    thin (1.7.2)
      daemons (~> 1.0, >= 1.0.9)
      eventmachine (~> 1.0, >= 1.0.4)
      rack (>= 1, < 3)
    tilt (2.0.11)

PLATFORMS
  ruby

DEPENDENCIES
  json
  puma
  puma-daemon
  redcarpet
  sinatra
  sinatra-partial
  thin

BUNDLED WITH
   2.2.24
